GEM
  remote: https://rubygems.org/
  specs:
    ffi (1.9.6)
    net-ping (1.7.7)
    rake (10.4.2)

PLATFORMS
  ruby

DEPENDENCIES
  ffi
  net-ping
  rake
